GEM
  remote: https://rubygems.org/
  specs:
    rack (3.0.0)

PLATFORMS
  x64-mingw-ucrt

DEPENDENCIES
  rack

BUNDLED WITH
   2.3.22
